GEM
  remote: https://rubygems.org/
  specs:
    awesome_print (1.6.1)
    coderay (1.1.0)
    method_source (0.8.2)
    pry (0.9.12.4)
      coderay (~> 1.0)
      method_source (~> 0.8)
      slop (~> 3.4)
    slop (3.6.0)

PLATFORMS
  ruby

DEPENDENCIES
  awesome_print
  pry
